GEM
  remote: https://rubygems.org/
  specs:
    diff-lcs (1.5.0)
    nokogiri (1.14.1-x64-mingw-ucrt)
      racc (~> 1.4)
    racc (1.6.2)
    rack (2.2.6.2)
    rspec (3.12.0)
      rspec-core (~> 3.12.0)
      rspec-expectations (~> 3.12.0)
      rspec-mocks (~> 3.12.0)
    rspec-core (3.12.1)
      rspec-support (~> 3.12.0)
    rspec-expectations (3.12.2)
      diff-lcs (>= 1.2.0, < 2.0)
      rspec-support (~> 3.12.0)
    rspec-mocks (3.12.3)
      diff-lcs (>= 1.2.0, < 2.0)
      rspec-support (~> 3.12.0)
    rspec-support (3.12.0)
    wdm (0.1.1)

PLATFORMS
  x64-mingw-ucrt

DEPENDENCIES
  nokogiri
  rack (~> 2.2.4)
  rspec
  wdm (>= 0.1.0)

BUNDLED WITH
   2.3.26
